GEM
  remote: https://rubygems.org/
  specs:
    diff-lcs (1.2.4)
    facter (1.7.3)
    hiera (1.2.1)
      json_pure
    highline (1.6.20)
    json_pure (1.8.1)
    net-ssh (2.7.0)
    puppet (3.3.1)
      facter (~> 1.6)
      hiera (~> 1.0)
      rgen (~> 0.6.5)
    puppet-lint (0.3.2)
    rgen (0.6.6)
    rspec (2.14.1)
      rspec-core (~> 2.14.0)
      rspec-expectations (~> 2.14.0)
      rspec-mocks (~> 2.14.0)
    rspec-core (2.14.7)
    rspec-expectations (2.14.3)
      diff-lcs (>= 1.1.3, < 2.0)
    rspec-mocks (2.14.4)
    serverspec (0.10.13)
      highline
      net-ssh
      rspec (>= 2.13.0)

PLATFORMS
  ruby

DEPENDENCIES
  puppet
  puppet-lint
  serverspec
